PATH
  remote: .
  specs:
    inwx-rb (0.1.0)

GEM
  remote: https://rubygems.org/
  specs:
    rake (10.4.2)

PLATFORMS
  ruby

DEPENDENCIES
  bundler (~> 1.9)
  inwx-rb!
  rake (~> 10.0)
